GEM
  remote: https://rubygems.org/
  specs:
    actionmailer (2.0.1)
      actionpack (= 2.0.1)
    actionpack (2.0.1)
      activesupport (= 2.0.1)
    activerecord (2.0.1)
      activesupport (= 2.0.1)
    activeresource (2.0.1)
      activesupport (= 2.0.1)
    activesupport (2.0.1)
    capistrano (2.15.4)
      highline
      net-scp (>= 1.0.0)
      net-sftp (>= 2.0.0)
      net-ssh (>= 2.0.14)
      net-ssh-gateway (>= 1.1.0)
    highline (1.6.19)
    net-scp (1.1.1)
      net-ssh (>= 2.6.5)
    net-sftp (2.1.2)
      net-ssh (>= 2.6.5)
    net-ssh (2.6.7)
    net-ssh-gateway (1.2.0)
      net-ssh (>= 2.6.5)
    rails (2.0.1)
      actionmailer (= 2.0.1)
      actionpack (= 2.0.1)
      activerecord (= 2.0.1)
      activeresource (= 2.0.1)
      activesupport (= 2.0.1)
      rake (>= 0.7.2)
    rake (10.0.4)

PLATFORMS
  ruby

DEPENDENCIES
  bundler
  capistrano
  rails (= 2.0.1)
